GEM
  remote: http://rubygems.org/
  specs:
    i18n (0.6.0)
    json (1.6.5)
    mail (2.4.1)
      i18n (>= 0.4.0)
      mime-types (~> 1.16)
      treetop (~> 1.4.8)
    mime-types (1.17.2)
    nakamura (0.6)
    polyglot (0.3.3)
    pony (1.4)
      mail (> 2.0)
    treetop (1.4.10)
      polyglot
      polyglot (>= 0.3.1)

PLATFORMS
  ruby

DEPENDENCIES
  json
  nakamura
  pony
